PATH
  remote: /Users/nrser/dev/gh/nrser/state_mate
  specs:
    state_mate (0.0.6.dev)
      CFPropertyList (~> 2.3)
      cmds (~> 0.0, >= 0.0.9)
      nrser (~> 0.0, >= 0.0.13)

GEM
  remote: https://rubygems.org/
  specs:
    CFPropertyList (2.3.2)
    cmds (0.0.9)
      erubis (~> 2.7)
      nrser (>= 0.0.13)
    diff-lcs (1.2.5)
    erubis (2.7.0)
    nrser (0.0.13)
    nrser-extras (0.0.3)
      cmds (>= 0.0.7)
      nrser (>= 0.0.13)
    rspec (3.3.0)
      rspec-core (~> 3.3.0)
      rspec-expectations (~> 3.3.0)
      rspec-mocks (~> 3.3.0)
    rspec-core (3.3.2)
      rspec-support (~> 3.3.0)
    rspec-expectations (3.3.1)
      diff-lcs (>= 1.2.0, < 2.0)
      rspec-support (~> 3.3.0)
    rspec-mocks (3.3.2)
      diff-lcs (>= 1.2.0, < 2.0)
      rspec-support (~> 3.3.0)
    rspec-support (3.3.0)

PLATFORMS
  ruby

DEPENDENCIES
  cmds
  nrser-extras
  rspec
  state_mate!

BUNDLED WITH
   1.10.6
